GEM
  remote: https://rubygems.org/
  specs:
    ansi (1.5.0)
    ast (2.0.0)
    oga (1.2.1)
      ast
      ruby-ll (~> 2.1)
    ruby-ll (2.1.2)
      ansi
      ast
    simple-rss (1.3.1)

PLATFORMS
  ruby

DEPENDENCIES
  oga (~> 1.2)
  simple-rss (~> 1.3.1)
